GEM
  remote: http://rubygems.org/
  specs:
    addressable (2.3.7)
    buff (0.0.6)
      addressable
      faraday
      faraday_middleware
      multi_json
      rash
      yajl-ruby
    faraday (0.9.1)
      multipart-post (>= 1.2, < 3)
    faraday_middleware (0.9.1)
      faraday (>= 0.7.4, < 0.10)
    hashie (2.0.5)
    marky_markov (0.3.5)
      msgpack
    msgpack (0.5.11)
    multi_json (1.10.1)
    multipart-post (2.0.0)
    rash (0.4.0)
      hashie (~> 2.0.0)
    thor (0.19.1)
    yajl-ruby (1.2.1)

PLATFORMS
  ruby

DEPENDENCIES
  buff
  marky_markov
  thor
